REDIRECTS: FORCE
RESTRICTION: || (== net462) (== netcoreapp2.0) (== netstandard2.0)
NUGET
  remote: https://api.nuget.org/v3/index.json
    FSharp.Core (4.3.4)
    FSharp.Data.SqlClient (1.8.4)
    Microsoft.AspNet.WebApi (5.2.6)
      Microsoft.AspNet.WebApi.WebHost (>= 5.2.6 < 5.3)
    Microsoft.AspNet.WebApi.Client (5.2.6)
      Newtonsoft.Json (>= 6.0.4) - restriction: || (== net462) (&& (== netcoreapp2.0) (>= net45)) (&& (== netcoreapp2.0) (< netstandard2.0) (>= portable-net45+win8+wp8+wp81+wpa81)) (&& (== netstandard2.0) (>= net45))
      Newtonsoft.Json (>= 10.0.1) - restriction: || (&& (== net462) (< net45) (>= netstandard2.0)) (== netcoreapp2.0) (== netstandard2.0)
      Newtonsoft.Json.Bson (>= 1.0.1) - restriction: || (&& (== net462) (< net45) (>= netstandard2.0)) (== netcoreapp2.0) (== netstandard2.0)
    Microsoft.AspNet.WebApi.Core (5.2.6)
      Microsoft.AspNet.WebApi.Client (>= 5.2.6)
    Microsoft.AspNet.WebApi.WebHost (5.2.6)
      Microsoft.AspNet.WebApi.Core (>= 5.2.6 < 5.3)
    Microsoft.NETCore.App (2.0.7)
      Microsoft.NETCore.DotNetHostPolicy (>= 2.0.7) - restriction: || (&& (== net462) (>= netcoreapp2.0)) (== netcoreapp2.0) (&& (== netstandard2.0) (>= netcoreapp2.0))
      Microsoft.NETCore.Platforms (>= 2.0.2) - restriction: || (&& (== net462) (>= netcoreapp2.0)) (== netcoreapp2.0) (&& (== netstandard2.0) (>= netcoreapp2.0))
      NETStandard.Library (>= 2.0.1) - restriction: || (&& (== net462) (>= netcoreapp2.0)) (== netcoreapp2.0) (&& (== netstandard2.0) (>= netcoreapp2.0))
    Microsoft.NETCore.DotNetAppHost (2.0.7) - restriction: || (&& (== net462) (>= netcoreapp2.0)) (== netcoreapp2.0) (&& (== netstandard2.0) (>= netcoreapp2.0))
    Microsoft.NETCore.DotNetHostPolicy (2.0.7) - restriction: || (&& (== net462) (>= netcoreapp2.0)) (== netcoreapp2.0) (&& (== netstandard2.0) (>= netcoreapp2.0))
      Microsoft.NETCore.DotNetHostResolver (>= 2.0.7)
    Microsoft.NETCore.DotNetHostResolver (2.0.7) - restriction: || (&& (== net462) (>= netcoreapp2.0)) (== netcoreapp2.0) (&& (== netstandard2.0) (>= netcoreapp2.0))
      Microsoft.NETCore.DotNetAppHost (>= 2.0.7)
    Microsoft.NETCore.Platforms (2.0.2)
    Microsoft.NETCore.Targets (2.0) - restriction: || (&& (== net462) (>= dnxcore50)) (&& (== net462) (< net45)) (== netcoreapp2.0) (== netstandard2.0)
    Microsoft.SqlServer.TransactSql.ScriptDom (14.0.3811.1)
    Microsoft.Win32.Registry (4.5.0-rc1) - restriction: || (&& (== net462) (< net451) (>= netstandard2.0)) (&& (== net462) (>= netcoreapp2.0)) (&& (== net462) (>= netcoreapp2.1)) (== netcoreapp2.0) (== netstandard2.0)
      System.Buffers (>= 4.4) - restriction: || (&& (== net462) (>= monoandroid)) (&& (== net462) (>= monotouch)) (&& (== net462) (< net46) (>= netstandard2.0)) (&& (== net462) (>= xamarinios)) (&& (== net462) (>= xamarinmac)) (&& (== net462) (>= xamarintvos)) (&& (== net462) (>= xamarinwatchos)) (&& (== netcoreapp2.0) (>= monoandroid)) (&& (== netcoreapp2.0) (>= monotouch)) (&& (== netcoreapp2.0) (>= xamarinios)) (&& (== netcoreapp2.0) (>= xamarinmac)) (&& (== netcoreapp2.0) (>= xamarintvos)) (&& (== netcoreapp2.0) (>= xamarinwatchos)) (== netstandard2.0)
      System.Memory (>= 4.5.0-rc1) - restriction: || (&& (== net462) (< net46) (>= netstandard2.0)) (&& (== net462) (>= netcoreapp2.0)) (&& (== net462) (>= uap10.1)) (== netcoreapp2.0) (== netstandard2.0)
      System.Security.AccessControl (>= 4.5.0-rc1)
      System.Security.Principal.Windows (>= 4.5.0-rc1)
    NETStandard.Library (2.0.3)
      Microsoft.NETCore.Platforms (>= 1.1)
    NetStandard.Library.NetFramework (2.0.0-preview2-25405-01)
      Microsoft.NETCore.Platforms (>= 2.0.0-preview2-25405-01) - restriction: || (== net462) (&& (== netcoreapp2.0) (>= net461)) (&& (== netstandard2.0) (>= net461))
      NETStandard.Library (>= 2.0.0-preview2-25401-01) - restriction: || (== net462) (&& (== netcoreapp2.0) (>= net461)) (&& (== netstandard2.0) (>= net461))
    Newtonsoft.Json (11.0.2)
    Newtonsoft.Json.Bson (1.0.1) - restriction: || (&& (== net462) (< net45) (>= netstandard2.0)) (== netcoreapp2.0) (== netstandard2.0)
      NETStandard.Library (>= 1.6.1) - restriction: || (&& (== net462) (< net45)) (== netcoreapp2.0) (== netstandard2.0)
      Newtonsoft.Json (>= 10.0.1)
    runtime.native.System.Data.SqlClient.sni (4.4) - restriction: || (&& (== net462) (< net451)) (&& (== net462) (>= netcoreapp2.0)) (&& (== net462) (>= netcoreapp2.1)) (== netcoreapp2.0) (== netstandard2.0)
      runtime.win-arm64.runtime.native.System.Data.SqlClient.sni (>= 4.4)
      runtime.win-x64.runtime.native.System.Data.SqlClient.sni (>= 4.4)
      runtime.win-x86.runtime.native.System.Data.SqlClient.sni (>= 4.4)
    runtime.win-arm64.runtime.native.System.Data.SqlClient.sni (4.4) - restriction: || (&& (== net462) (< net451)) (&& (== net462) (>= netcoreapp2.0)) (&& (== net462) (>= netcoreapp2.1)) (== netcoreapp2.0) (== netstandard2.0)
    runtime.win-x64.runtime.native.System.Data.SqlClient.sni (4.4) - restriction: || (&& (== net462) (< net451)) (&& (== net462) (>= netcoreapp2.0)) (&& (== net462) (>= netcoreapp2.1)) (== netcoreapp2.0) (== netstandard2.0)
    runtime.win-x86.runtime.native.System.Data.SqlClient.sni (4.4) - restriction: || (&& (== net462) (< net451)) (&& (== net462) (>= netcoreapp2.0)) (&& (== net462) (>= netcoreapp2.1)) (== netcoreapp2.0) (== netstandard2.0)
    System.Buffers (4.4) - restriction: || (&& (== net462) (== netcoreapp2.0)) (&& (== net462) (< net451) (>= netstandard2.0)) (== netstandard2.0)
    System.Collections (4.3) - restriction: || (&& (== net462) (>= dnxcore50)) (&& (== net462) (< net45) (>= netstandard1.6)) (&& (== net462) (< net451)) (== netcoreapp2.0) (== netstandard2.0)
      Microsoft.NETCore.Platforms (>= 1.1) - restriction: || (&& (== net462) (>= dnxcore50)) (&& (== net462) (< net45)) (== netcoreapp2.0) (== netstandard2.0)
      Microsoft.NETCore.Targets (>= 1.1) - restriction: || (&& (== net462) (>= dnxcore50)) (&& (== net462) (< net45)) (== netcoreapp2.0) (== netstandard2.0)
      System.Runtime (>= 4.3) - restriction: || (&& (== net462) (>= dnxcore50)) (&& (== net462) (< net45)) (== netcoreapp2.0) (== netstandard2.0)
    System.Configuration.ConfigurationManager (4.5.0-rc1)
      System.Security.Cryptography.ProtectedData (>= 4.5.0-rc1) - restriction: || (&& (== net462) (< net461) (>= netstandard2.0)) (== netcoreapp2.0) (== netstandard2.0)
      System.Security.Permissions (>= 4.5.0-rc1)
    System.Data.Common (4.3)
      System.Collections (>= 4.3) - restriction: || (&& (== net462) (< net451)) (== netcoreapp2.0) (== netstandard2.0)
      System.Globalization (>= 4.3) - restriction: || (&& (== net462) (< net451)) (== netcoreapp2.0) (== netstandard2.0)
      System.IO (>= 4.3) - restriction: || (&& (== net462) (< net451)) (== netcoreapp2.0) (== netstandard2.0)
      System.Resources.ResourceManager (>= 4.3) - restriction: || (&& (== net462) (< net451)) (== netcoreapp2.0) (== netstandard2.0)
      System.Runtime (>= 4.3) - restriction: || (&& (== net462) (< net451)) (== netcoreapp2.0) (== netstandard2.0)
      System.Runtime.Extensions (>= 4.3) - restriction: || (&& (== net462) (< net451)) (== netcoreapp2.0) (== netstandard2.0)
      System.Text.RegularExpressions (>= 4.3) - restriction: || (&& (== net462) (< net451)) (== netcoreapp2.0) (== netstandard2.0)
      System.Threading.Tasks (>= 4.3) - restriction: || (&& (== net462) (< net451)) (== netcoreapp2.0) (== netstandard2.0)
    System.Data.SqlClient (4.5.0-rc1)
      Microsoft.Win32.Registry (>= 4.5.0-rc1) - restriction: || (&& (== net462) (< net451) (>= netstandard2.0)) (&& (== net462) (>= netcoreapp2.0)) (&& (== net462) (>= netcoreapp2.1)) (== netcoreapp2.0) (== netstandard2.0)
      runtime.native.System.Data.SqlClient.sni (>= 4.4) - restriction: || (&& (== net462) (< net451)) (&& (== net462) (>= netcoreapp2.0)) (&& (== net462) (>= netcoreapp2.1)) (== netcoreapp2.0) (== netstandard2.0)
      System.Buffers (>= 4.4) - restriction: || (&& (== net462) (< net451) (>= netstandard2.0)) (== netstandard2.0)
      System.Diagnostics.DiagnosticSource (>= 4.5.0-rc1) - restriction: || (&& (== net462) (< net451) (>= netstandard2.0)) (&& (== net462) (>= netcoreapp2.0)) (&& (== net462) (>= uap10.1)) (== netcoreapp2.0) (== netstandard2.0)
      System.Memory (>= 4.5.0-rc1) - restriction: || (&& (== net462) (< net451) (>= netstandard2.0)) (&& (== net462) (>= netcoreapp2.0)) (&& (== net462) (>= uap10.1)) (== netcoreapp2.0) (== netstandard2.0)
      System.Security.Principal.Windows (>= 4.5.0-rc1) - restriction: || (&& (== net462) (< net451) (>= netstandard2.0)) (&& (== net462) (>= netcoreapp2.0)) (&& (== net462) (>= netcoreapp2.1)) (== netcoreapp2.0) (== netstandard2.0)
      System.Text.Encoding.CodePages (>= 4.5.0-rc1) - restriction: || (&& (== net462) (< net451) (>= netstandard2.0)) (&& (== net462) (>= netcoreapp2.0)) (&& (== net462) (>= netcoreapp2.1)) (== netcoreapp2.0) (== netstandard2.0)
    System.Diagnostics.DiagnosticSource (4.5.0-rc1) - restriction: || (&& (== net462) (< net451) (>= netstandard2.0)) (&& (== net462) (>= netcoreapp2.0)) (&& (== net462) (>= uap10.1)) (== netcoreapp2.0) (== netstandard2.0)
    System.Globalization (4.3) - restriction: || (&& (== net462) (>= dnxcore50)) (&& (== net462) (< net45) (>= netstandard1.6)) (&& (== net462) (< net451)) (== netcoreapp2.0) (== netstandard2.0)
      Microsoft.NETCore.Platforms (>= 1.1) - restriction: || (&& (== net462) (>= dnxcore50)) (&& (== net462) (< net45)) (== netcoreapp2.0) (== netstandard2.0)
      Microsoft.NETCore.Targets (>= 1.1) - restriction: || (&& (== net462) (>= dnxcore50)) (&& (== net462) (< net45)) (== netcoreapp2.0) (== netstandard2.0)
      System.Runtime (>= 4.3) - restriction: || (&& (== net462) (>= dnxcore50)) (&& (== net462) (< net45)) (== netcoreapp2.0) (== netstandard2.0)
    System.IO (4.3) - restriction: || (&& (== net462) (< net451)) (== netcoreapp2.0) (== netstandard2.0)
      Microsoft.NETCore.Platforms (>= 1.1) - restriction: || (&& (== net462) (>= dnxcore50)) (&& (== net462) (< net45)) (== netcoreapp2.0) (== netstandard2.0)
      Microsoft.NETCore.Targets (>= 1.1) - restriction: || (&& (== net462) (>= dnxcore50)) (&& (== net462) (< net45)) (== netcoreapp2.0) (== netstandard2.0)
      System.Runtime (>= 4.3) - restriction: || (&& (== net462) (>= dnxcore50)) (&& (== net462) (< net45)) (== netcoreapp2.0) (== netstandard2.0)
      System.Text.Encoding (>= 4.3) - restriction: || (&& (== net462) (>= dnxcore50)) (&& (== net462) (< net45)) (== netcoreapp2.0) (== netstandard2.0)
      System.Threading.Tasks (>= 4.3) - restriction: || (&& (== net462) (>= dnxcore50)) (&& (== net462) (< net45)) (== netcoreapp2.0) (== netstandard2.0)
    System.Memory (4.5.0-rc1) - restriction: || (&& (== net462) (< net451) (>= netstandard2.0)) (&& (== net462) (>= netcoreapp2.0)) (&& (== net462) (>= uap10.1)) (== netcoreapp2.0) (== netstandard2.0)
      System.Buffers (>= 4.4) - restriction: || (== net462) (&& (== netcoreapp2.0) (>= net461)) (&& (== netcoreapp2.0) (< netstandard1.1)) (&& (== netcoreapp2.0) (< netstandard2.0)) (== netstandard2.0)
      System.Numerics.Vectors (>= 4.4) - restriction: || (== net462) (&& (== netcoreapp2.0) (>= net461)) (== netstandard2.0)
      System.Runtime.CompilerServices.Unsafe (>= 4.5.0-rc1)
    System.Numerics.Vectors (4.4) - restriction: || (&& (== net462) (== netcoreapp2.0)) (&& (== net462) (< net45) (>= netstandard2.0)) (&& (== net462) (< net451) (>= netstandard2.0)) (&& (== net462) (>= netcoreapp2.0)) (&& (== net462) (>= uap10.1)) (&& (== netcoreapp2.0) (>= net461)) (== netstandard2.0)
    System.Reflection (4.3) - restriction: || (&& (== net462) (>= dnxcore50)) (&& (== net462) (< net45)) (== netcoreapp2.0) (== netstandard2.0)
      Microsoft.NETCore.Platforms (>= 1.1) - restriction: || (&& (== net462) (>= dnxcore50)) (&& (== net462) (< net45)) (== netcoreapp2.0) (== netstandard2.0)
      Microsoft.NETCore.Targets (>= 1.1) - restriction: || (&& (== net462) (>= dnxcore50)) (&& (== net462) (< net45)) (== netcoreapp2.0) (== netstandard2.0)
      System.IO (>= 4.3) - restriction: || (&& (== net462) (>= dnxcore50)) (&& (== net462) (< net45)) (== netcoreapp2.0) (== netstandard2.0)
      System.Reflection.Primitives (>= 4.3) - restriction: || (&& (== net462) (>= dnxcore50)) (&& (== net462) (< net45)) (== netcoreapp2.0) (== netstandard2.0)
      System.Runtime (>= 4.3) - restriction: || (&& (== net462) (>= dnxcore50)) (&& (== net462) (< net45)) (== netcoreapp2.0) (== netstandard2.0)
    System.Reflection.Primitives (4.3) - restriction: || (&& (== net462) (>= dnxcore50)) (&& (== net462) (< net45)) (== netcoreapp2.0) (== netstandard2.0)
      Microsoft.NETCore.Platforms (>= 1.1) - restriction: || (&& (== net462) (>= dnxcore50)) (&& (== net462) (< net45)) (== netcoreapp2.0) (== netstandard2.0)
      Microsoft.NETCore.Targets (>= 1.1) - restriction: || (&& (== net462) (>= dnxcore50)) (&& (== net462) (< net45)) (== netcoreapp2.0) (== netstandard2.0)
      System.Runtime (>= 4.3) - restriction: || (&& (== net462) (>= dnxcore50)) (&& (== net462) (< net45)) (== netcoreapp2.0) (== netstandard2.0)
    System.Resources.ResourceManager (4.3) - restriction: || (&& (== net462) (>= dnxcore50)) (&& (== net462) (< net45) (>= netstandard1.6)) (&& (== net462) (< net451)) (== netcoreapp2.0) (== netstandard2.0)
      Microsoft.NETCore.Platforms (>= 1.1) - restriction: || (&& (== net462) (>= dnxcore50)) (&& (== net462) (< net45)) (== netcoreapp2.0) (== netstandard2.0)
      Microsoft.NETCore.Targets (>= 1.1) - restriction: || (&& (== net462) (>= dnxcore50)) (&& (== net462) (< net45)) (== netcoreapp2.0) (== netstandard2.0)
      System.Globalization (>= 4.3) - restriction: || (&& (== net462) (>= dnxcore50)) (&& (== net462) (< net45)) (== netcoreapp2.0) (== netstandard2.0)
      System.Reflection (>= 4.3) - restriction: || (&& (== net462) (>= dnxcore50)) (&& (== net462) (< net45)) (== netcoreapp2.0) (== netstandard2.0)
      System.Runtime (>= 4.3) - restriction: || (&& (== net462) (>= dnxcore50)) (&& (== net462) (< net45)) (== netcoreapp2.0) (== netstandard2.0)
    System.Runtime (4.3) - restriction: || (&& (== net462) (>= dnxcore50)) (&& (== net462) (< net45) (>= netstandard1.6)) (&& (== net462) (< net451)) (== netcoreapp2.0) (== netstandard2.0)
      Microsoft.NETCore.Platforms (>= 1.1) - restriction: || (&& (== net462) (>= dnxcore50)) (&& (== net462) (< net45)) (== netcoreapp2.0) (== netstandard2.0)
      Microsoft.NETCore.Targets (>= 1.1) - restriction: || (&& (== net462) (>= dnxcore50)) (&& (== net462) (< net45)) (== netcoreapp2.0) (== netstandard2.0)
    System.Runtime.Caching (4.5.0-rc1)
      Microsoft.NETCore.Platforms (>= 2.0) - restriction: || (&& (== net462) (>= netcoreapp2.0)) (== netcoreapp2.0) (&& (== netstandard2.0) (>= netcoreapp2.0))
      System.Configuration.ConfigurationManager (>= 4.5.0-rc1) - restriction: || (&& (== net462) (>= netcoreapp2.0)) (== netcoreapp2.0) (&& (== netstandard2.0) (>= netcoreapp2.0))
    System.Runtime.CompilerServices.Unsafe (4.5.0-rc1) - restriction: || (&& (== net462) (< net45) (>= netstandard2.0)) (&& (== net462) (< net451) (>= netstandard2.0)) (&& (== net462) (>= netcoreapp2.0)) (&& (== net462) (< netstandard1.1) (>= netstandard2.0)) (&& (== net462) (>= netstandard2.0) (>= wpa81)) (&& (== net462) (>= uap10.1)) (== netcoreapp2.0) (== netstandard2.0)
    System.Runtime.Extensions (4.3) - restriction: || (&& (== net462) (>= dnxcore50)) (&& (== net462) (< net45) (>= netstandard1.6)) (&& (== net462) (< net451)) (== netcoreapp2.0) (== netstandard2.0)
      Microsoft.NETCore.Platforms (>= 1.1) - restriction: || (&& (== net462) (>= dnxcore50)) (&& (== net462) (< net45)) (== netcoreapp2.0) (== netstandard2.0)
      Microsoft.NETCore.Targets (>= 1.1) - restriction: || (&& (== net462) (>= dnxcore50)) (&& (== net462) (< net45)) (== netcoreapp2.0) (== netstandard2.0)
      System.Runtime (>= 4.3) - restriction: || (&& (== net462) (>= dnxcore50)) (&& (== net462) (< net45)) (== netcoreapp2.0) (== netstandard2.0)
    System.Security.AccessControl (4.5.0-rc1)
      Microsoft.NETCore.Platforms (>= 2.0) - restriction: || (&& (== net462) (>= netcoreapp2.0)) (== netcoreapp2.0) (&& (== netstandard2.0) (>= netcoreapp2.0))
      System.Security.Principal.Windows (>= 4.5.0-rc1)
    System.Security.Cryptography.ProtectedData (4.5.0-rc1) - restriction: || (&& (== net462) (< net461) (>= netstandard2.0)) (== netcoreapp2.0) (== netstandard2.0)
      System.Memory (>= 4.5.0-rc1) - restriction: || (&& (== net462) (< net46) (>= netstandard2.0)) (== netcoreapp2.0) (== netstandard2.0)
    System.Security.Permissions (4.5.0-rc1)
      System.Security.AccessControl (>= 4.5.0-rc1)
    System.Security.Principal.Windows (4.5.0-rc1) - restriction: || (&& (== net462) (< net451) (>= netstandard2.0)) (&& (== net462) (>= netcoreapp2.0)) (&& (== net462) (>= netcoreapp2.1)) (== netcoreapp2.0) (== netstandard2.0)
      Microsoft.NETCore.Platforms (>= 2.0) - restriction: || (&& (== net462) (>= netcoreapp2.0)) (== netcoreapp2.0) (&& (== netstandard2.0) (>= netcoreapp2.0))
    System.Text.Encoding (4.3) - restriction: || (&& (== net462) (>= dnxcore50)) (&& (== net462) (< net45)) (== netcoreapp2.0) (== netstandard2.0)
      Microsoft.NETCore.Platforms (>= 1.1) - restriction: || (&& (== net462) (>= dnxcore50)) (&& (== net462) (< net45)) (== netcoreapp2.0) (== netstandard2.0)
      Microsoft.NETCore.Targets (>= 1.1) - restriction: || (&& (== net462) (>= dnxcore50)) (&& (== net462) (< net45)) (== netcoreapp2.0) (== netstandard2.0)
      System.Runtime (>= 4.3) - restriction: || (&& (== net462) (>= dnxcore50)) (&& (== net462) (< net45)) (== netcoreapp2.0) (== netstandard2.0)
    System.Text.Encoding.CodePages (4.5.0-rc1) - restriction: || (&& (== net462) (< net451) (>= netstandard2.0)) (&& (== net462) (>= netcoreapp2.0)) (&& (== net462) (>= netcoreapp2.1)) (== netcoreapp2.0) (== netstandard2.0)
      Microsoft.NETCore.Platforms (>= 2.0) - restriction: || (&& (== net462) (>= netcoreapp2.0)) (== netcoreapp2.0) (&& (== netstandard2.0) (>= netcoreapp2.0))
      System.Runtime.CompilerServices.Unsafe (>= 4.5.0-rc1)
    System.Text.RegularExpressions (4.3) - restriction: || (&& (== net462) (< net451)) (== netcoreapp2.0) (== netstandard2.0)
      System.Collections (>= 4.3) - restriction: || (&& (== net462) (>= dnxcore50)) (&& (== net462) (< net45) (>= netstandard1.6)) (&& (== netcoreapp2.0) (>= dnxcore50)) (&& (== netcoreapp2.0) (< netcoreapp1.1)) (== netstandard2.0)
      System.Globalization (>= 4.3) - restriction: || (&& (== net462) (>= dnxcore50)) (&& (== net462) (< net45) (>= netstandard1.6)) (&& (== netcoreapp2.0) (>= dnxcore50)) (&& (== netcoreapp2.0) (< netcoreapp1.1)) (== netstandard2.0)
      System.Resources.ResourceManager (>= 4.3) - restriction: || (&& (== net462) (>= dnxcore50)) (&& (== net462) (< net45) (>= netstandard1.6)) (&& (== netcoreapp2.0) (>= dnxcore50)) (&& (== netcoreapp2.0) (< netcoreapp1.1)) (== netstandard2.0)
      System.Runtime (>= 4.3) - restriction: || (&& (== net462) (>= dnxcore50)) (&& (== net462) (< net45)) (&& (== net462) (>= netcoreapp1.1)) (== netcoreapp2.0) (== netstandard2.0)
      System.Runtime.Extensions (>= 4.3) - restriction: || (&& (== net462) (>= dnxcore50)) (&& (== net462) (< net45) (>= netstandard1.6)) (&& (== netcoreapp2.0) (>= dnxcore50)) (&& (== netcoreapp2.0) (< netcoreapp1.1)) (== netstandard2.0)
      System.Threading (>= 4.3) - restriction: || (&& (== net462) (>= dnxcore50)) (&& (== net462) (< net45) (>= netstandard1.6)) (&& (== netcoreapp2.0) (>= dnxcore50)) (&& (== netcoreapp2.0) (< netcoreapp1.1)) (== netstandard2.0)
    System.Threading (4.3) - restriction: || (&& (== net462) (== netcoreapp2.0)) (&& (== net462) (>= dnxcore50)) (&& (== net462) (< net45) (>= netstandard1.6)) (&& (== netcoreapp2.0) (>= dnxcore50)) (&& (== netcoreapp2.0) (< netcoreapp1.1)) (== netstandard2.0)
      System.Runtime (>= 4.3) - restriction: || (&& (== net462) (>= dnxcore50)) (&& (== net462) (< net45)) (== netcoreapp2.0) (== netstandard2.0)
      System.Threading.Tasks (>= 4.3) - restriction: || (&& (== net462) (>= dnxcore50)) (&& (== net462) (< net45)) (== netcoreapp2.0) (== netstandard2.0)
    System.Threading.Tasks (4.3) - restriction: || (&& (== net462) (>= dnxcore50)) (&& (== net462) (< net45) (>= netstandard1.6)) (&& (== net462) (< net451)) (== netcoreapp2.0) (== netstandard2.0)
      Microsoft.NETCore.Platforms (>= 1.1) - restriction: || (&& (== net462) (>= dnxcore50)) (&& (== net462) (< net45)) (== netcoreapp2.0) (== netstandard2.0)
      Microsoft.NETCore.Targets (>= 1.1) - restriction: || (&& (== net462) (>= dnxcore50)) (&& (== net462) (< net45)) (== netcoreapp2.0) (== netstandard2.0)
      System.Runtime (>= 4.3) - restriction: || (&& (== net462) (>= dnxcore50)) (&& (== net462) (< net45)) (== netcoreapp2.0) (== netstandard2.0)
    xunit (2.3.1)
      xunit.analyzers (>= 0.7)
      xunit.assert (2.3.1)
      xunit.core (2.3.1)
    xunit.abstractions (2.0.1)
      NETStandard.Library (>= 1.6) - restriction: || (&& (== net462) (< net35)) (== netcoreapp2.0) (== netstandard2.0)
    xunit.analyzers (0.8)
    xunit.assert (2.3.1)
      NETStandard.Library (>= 1.6.1) - restriction: || (&& (== net462) (< net452)) (== netcoreapp2.0) (== netstandard2.0)
    xunit.core (2.3.1)
      xunit.extensibility.core (2.3.1)
      xunit.extensibility.execution (2.3.1)
    xunit.extensibility.core (2.3.1)
      NETStandard.Library (>= 1.6.1) - restriction: || (&& (== net462) (< net452)) (== netcoreapp2.0) (== netstandard2.0)
      xunit.abstractions (>= 2.0.1)
    xunit.extensibility.execution (2.3.1)
      NETStandard.Library (>= 1.6.1) - restriction: || (&& (== net462) (< net452)) (== netcoreapp2.0) (== netstandard2.0)
      xunit.extensibility.core (2.3.1)
GITHUB
  remote: fsprojects/FSharp.TypeProviders.SDK
    src/ProvidedTypes.fs (f0c4a6300db313eb2616c4f792cd6ae68c255e56)
    src/ProvidedTypes.fsi (f0c4a6300db313eb2616c4f792cd6ae68c255e56)
    src/ProvidedTypesTesting.fs (f0c4a6300db313eb2616c4f792cd6ae68c255e56)